GEM
  remote: https://rubygems.org/
  specs:
    docker-api (1.33.6)
      excon (>= 0.38.0)
      json
    excon (0.57.1)
    json (2.1.0)
    mustermann (1.0.0)
    rack (2.0.3)
    rack-protection (2.0.0)
      rack
    sinatra (2.0.0)
      mustermann (~> 1.0)
      rack (~> 2.0)
      rack-protection (= 2.0.0)
      tilt (~> 2.0)
    tilt (2.0.7)

PLATFORMS
  ruby

DEPENDENCIES
  docker-api
  sinatra

BUNDLED WITH
   1.15.1
